PATH
  remote: .
  specs:
    ai_client (0.4.4)
      active_hash
      hashie
      omniai
      omniai-anthropic
      omniai-google
      omniai-mistral
      omniai-openai (>= 1.8.3)
      open_router

GEM
  remote: https://rubygems.org/
  specs:
    active_hash (3.3.1)
      activesupport (>= 5.0.0)
    activesupport (7.2.1)
      base64
      bigdecimal
      concurrent-ruby (~> 1.0, >= 1.3.1)
      connection_pool (>= 2.2.5)
      drb
      i18n (>= 1.6, < 2)
      logger (>= 1.4.2)
      minitest (>= 5.1)
      securerandom (>= 0.3)
      tzinfo (~> 2.0, >= 2.0.5)
    addressable (2.8.7)
      public_suffix (>= 2.0.2, < 7.0)
    amazing_print (1.7.2)
    base64 (0.2.0)
    bigdecimal (3.1.8)
    cogger (1.1.0)
      core (~> 2.0)
      logger (~> 1.6)
      refinements (~> 13.0)
      tone (~> 2.0)
      zeitwerk (~> 2.7)
    concurrent-ruby (1.3.4)
    connection_pool (2.4.1)
    containable (1.1.0)
      concurrent-ruby (~> 1.3)
    core (2.1.0)
    debug_me (1.1.1)
    docile (1.4.1)
    domain_name (0.6.20240107)
    dotenv (3.1.4)
    drb (2.2.1)
    dry-configurable (1.3.0)
      dry-core (~> 1.1)
      zeitwerk (~> 2.6)
    dry-core (1.1.0)
      concurrent-ruby (~> 1.0)
      logger
      zeitwerk (~> 2.6)
    dry-inflector (1.2.0)
    dry-initializer (3.2.0)
    dry-logic (1.6.0)
      bigdecimal
      concurrent-ruby (~> 1.0)
      dry-core (~> 1.1)
      zeitwerk (~> 2.6)
    dry-monads (1.7.1)
      concurrent-ruby (~> 1.0)
      dry-core (~> 1.1)
      zeitwerk (~> 2.6)
    dry-schema (1.14.0)
      concurrent-ruby (~> 1.0)
      dry-configurable (~> 1.0, >= 1.0.1)
      dry-core (~> 1.1)
      dry-initializer (~> 3.2)
      dry-logic (~> 1.5)
      dry-types (~> 1.8)
      zeitwerk (~> 2.6)
    dry-types (1.8.2)
      bigdecimal (~> 3.0)
      concurrent-ruby (~> 1.0)
      dry-core (~> 1.0)
      dry-inflector (~> 1.0)
      dry-logic (~> 1.4)
      zeitwerk (~> 2.6)
    etcher (3.1.0)
      cogger (~> 1.0)
      core (~> 2.0)
      dry-monads (~> 1.6)
      dry-types (~> 1.7)
      refinements (~> 13.0)
      versionaire (~> 14.0)
      zeitwerk (~> 2.7)
    event_stream_parser (1.0.0)
    faraday (2.12.0)
      faraday-net_http (>= 2.0, < 3.4)
      json
      logger
    faraday-multipart (1.0.4)
      multipart-post (~> 2)
    faraday-net_http (3.3.0)
      net-http
    ffi (1.17.0)
    ffi-compiler (1.3.2)
      ffi (>= 1.15.5)
      rake
    hashdiff (1.1.2)
    hashie (5.0.0)
    http (5.2.0)
      addressable (~> 2.8)
      base64 (~> 0.1)
      http-cookie (~> 1.0)
      http-form_data (~> 2.2)
      llhttp-ffi (~> 0.5.0)
    http-cookie (1.0.7)
      domain_name (~> 0.5)
    http-form_data (2.3.0)
    i18n (1.14.6)
      concurrent-ruby (~> 1.0)
    infusible (4.2.0)
      marameters (~> 4.1)
    json (2.7.2)
    llhttp-ffi (0.5.0)
      ffi-compiler (~> 1.0)
      rake (~> 13.0)
    logger (1.6.1)
    marameters (4.2.0)
      refinements (~> 13.0)
      zeitwerk (~> 2.7)
    minitest (5.25.1)
    mocha (2.4.5)
      ruby2_keywords (>= 0.0.5)
    multipart-post (2.4.1)
    net-http (0.4.1)
      uri
    omniai (1.9.6)
      event_stream_parser
      http
      logger
      zeitwerk
    omniai-anthropic (1.9.8)
      event_stream_parser
      omniai (~> 1.9)
      zeitwerk
    omniai-google (1.9.7)
      event_stream_parser
      omniai (~> 1.9)
      zeitwerk
    omniai-mistral (1.9.6)
      event_stream_parser
      omniai (~> 1.9)
      zeitwerk
    omniai-openai (1.9.4)
      event_stream_parser
      omniai (~> 1.9)
      zeitwerk
    open_router (0.3.3)
      activesupport (>= 6.0)
      dotenv (>= 2)
      faraday (>= 1)
      faraday-multipart (>= 1)
    optparse (0.6.0)
    public_suffix (6.0.1)
    rake (13.2.1)
    refinements (13.1.0)
    ruby2_keywords (0.0.5)
    runcom (12.1.0)
      refinements (~> 13.0)
      xdg (~> 9.0)
      zeitwerk (~> 2.7)
    securerandom (0.3.1)
    simplecov (0.22.0)
      docile (~> 1.1)
      simplecov-html (~> 0.11)
      simplecov_json_formatter (~> 0.1)
    simplecov-html (0.13.1)
    simplecov_json_formatter (0.1.4)
    sod (1.1.0)
      cogger (~> 1.0)
      containable (~> 1.1)
      infusible (~> 4.0)
      optparse (~> 0.6)
      refinements (~> 13.0)
      tone (~> 2.0)
      zeitwerk (~> 2.7)
    spek (4.1.0)
      core (~> 2.0)
      dry-monads (~> 1.6)
      refinements (~> 13.0)
      versionaire (~> 14.0)
      zeitwerk (~> 2.7)
    tocer (19.1.0)
      cogger (~> 1.0)
      containable (~> 1.1)
      core (~> 2.0)
      dry-schema (~> 1.13)
      etcher (~> 3.0)
      infusible (~> 4.0)
      refinements (~> 13.0)
      runcom (~> 12.0)
      sod (~> 1.0)
      spek (~> 4.0)
      zeitwerk (~> 2.7)
    tone (2.2.0)
      refinements (~> 13.0)
      zeitwerk (~> 2.7)
    tzinfo (2.0.6)
      concurrent-ruby (~> 1.0)
    uri (0.13.1)
    versionaire (14.1.0)
      refinements (~> 13.0)
    xdg (9.1.0)
    zeitwerk (2.7.2)

PLATFORMS
  aarch64-linux-gnu
  aarch64-linux-musl
  arm-linux-gnu
  arm-linux-musl
  arm64-darwin
  ruby
  x86-linux-gnu
  x86-linux-musl
  x86_64-darwin
  x86_64-linux-gnu
  x86_64-linux-musl

DEPENDENCIES
  ai_client!
  amazing_print
  debug_me
  hashdiff
  minitest
  mocha
  rake
  simplecov
  tocer

BUNDLED WITH
   2.5.20
