PATH
  remote: .
  specs:
    ai_client (0.2.1)
      hashie
      omniai
      omniai-anthropic
      omniai-google
      omniai-mistral
      omniai-openai

GEM
  remote: https://rubygems.org/
  specs:
    addressable (2.8.7)
      public_suffix (>= 2.0.2, < 7.0)
    amazing_print (1.6.0)
    base64 (0.2.0)
    debug_me (1.1.1)
    domain_name (0.6.20240107)
    event_stream_parser (1.0.0)
    ffi (1.17.0)
    ffi (1.17.0-aarch64-linux-gnu)
    ffi (1.17.0-aarch64-linux-musl)
    ffi (1.17.0-arm-linux-gnu)
    ffi (1.17.0-arm-linux-musl)
    ffi (1.17.0-arm64-darwin)
    ffi (1.17.0-x86-linux-gnu)
    ffi (1.17.0-x86-linux-musl)
    ffi (1.17.0-x86_64-darwin)
    ffi (1.17.0-x86_64-linux-gnu)
    ffi (1.17.0-x86_64-linux-musl)
    ffi-compiler (1.3.2)
      ffi (>= 1.15.5)
      rake
    hashdiff (1.1.1)
    hashie (5.0.0)
    http (5.2.0)
      addressable (~> 2.8)
      base64 (~> 0.1)
      http-cookie (~> 1.0)
      http-form_data (~> 2.2)
      llhttp-ffi (~> 0.5.0)
    http-cookie (1.0.7)
      domain_name (~> 0.5)
    http-form_data (2.3.0)
    llhttp-ffi (0.5.0)
      ffi-compiler (~> 1.0)
      rake (~> 13.0)
    minitest (5.25.1)
    mocha (2.4.5)
      ruby2_keywords (>= 0.0.5)
    omniai (1.8.1)
      event_stream_parser
      http
      zeitwerk
    omniai-anthropic (1.8.1)
      event_stream_parser
      omniai
      zeitwerk
    omniai-google (1.8.2)
      event_stream_parser
      omniai
      zeitwerk
    omniai-mistral (1.8.1)
      event_stream_parser
      omniai
      zeitwerk
    omniai-openai (1.8.2)
      event_stream_parser
      omniai
      zeitwerk
    public_suffix (6.0.1)
    rake (13.2.1)
    ruby2_keywords (0.0.5)
    zeitwerk (2.6.18)

PLATFORMS
  aarch64-linux-gnu
  aarch64-linux-musl
  arm-linux-gnu
  arm-linux-musl
  arm64-darwin
  ruby
  x86-linux-gnu
  x86-linux-musl
  x86_64-darwin
  x86_64-linux-gnu
  x86_64-linux-musl

DEPENDENCIES
  ai_client!
  amazing_print
  debug_me
  hashdiff
  minitest (~> 5.16)
  mocha
  rake (~> 13.0)

BUNDLED WITH
   2.5.20
